GEM
  remote: http://rubygems.org/
  specs:
    Ascii85 (1.0.2)
    actionpack (4.0.2)
      activesupport (= 4.0.2)
      builder (~> 3.1.0)
      erubis (~> 2.7.0)
      rack (~> 1.5.2)
      rack-test (~> 0.6.2)
    activemodel (4.0.2)
      activesupport (= 4.0.2)
      builder (~> 3.1.0)
    activesupport (4.0.2)
      i18n (~> 0.6, >= 0.6.4)
      minitest (~> 4.2)
      multi_json (~> 1.3)
      thread_safe (~> 0.1)
      tzinfo (~> 0.3.37)
    afm (0.2.0)
    atomic (1.1.14)
    billit_representers (0.8.2)
      activemodel
      roar (= 0.11.19)
      roar-rails (= 0.1.0)
    builder (3.1.4)
    diff-lcs (1.2.5)
    erubis (2.7.0)
    faraday (0.9.0)
      multipart-post (>= 1.2, < 3)
    hashery (2.1.1)
    hooks (0.3.3)
    httparty (0.12.0)
      json (~> 1.8)
      multi_xml (>= 0.5.2)
    i18n (0.6.9)
    json (1.8.1)
    mime-types (2.1)
    mini_portile (0.5.2)
    minitest (4.7.5)
    multi_json (1.8.4)
    multi_xml (0.5.5)
    multipart-post (2.0.0)
    nokogiri (1.6.1)
      mini_portile (~> 0.5.0)
    pdf-reader (1.3.3)
      Ascii85 (~> 1.0.0)
      afm (~> 0.2.0)
      hashery (~> 2.0)
      ruby-rc4
      ttfunk
    rack (1.5.2)
    rack-test (0.6.2)
      rack (>= 1.0)
    railties (4.0.2)
      actionpack (= 4.0.2)
      activesupport (= 4.0.2)
      rake (>= 0.8.7)
      thor (>= 0.18.1, < 2.0)
    rake (10.1.1)
    representable (1.5.3)
      multi_json
      nokogiri
    rest-client (1.6.7)
      mime-types (>= 1.16)
    roar (0.11.19)
      representable (~> 1.5.3)
    roar-rails (0.1.0)
      actionpack
      hooks
      railties (>= 3.0.0)
      representable (~> 1.4)
      roar (~> 0.11.13)
      test_xml (>= 0.1.6)
    rspec (2.14.1)
      rspec-core (~> 2.14.0)
      rspec-expectations (~> 2.14.0)
      rspec-mocks (~> 2.14.0)
    rspec-core (2.14.7)
    rspec-expectations (2.14.4)
      diff-lcs (>= 1.1.3, < 2.0)
    rspec-mocks (2.14.4)
    ruby-rc4 (0.1.5)
    test_xml (0.1.6)
      nokogiri (>= 1.3.2)
    thor (0.18.1)
    thread_safe (0.1.3)
      atomic
    ttfunk (1.1.0)
    tzinfo (0.3.38)
    what_methods (1.0.1)

PLATFORMS
  ruby

DEPENDENCIES
  activemodel
  activesupport
  billit_representers (= 0.8.2)
  faraday
  httparty
  json
  nokogiri
  pdf-reader
  rest-client
  rspec
  what_methods
