PATH
  remote: /home/maugsbur/workspaceFCI
  specs:
    billit_representers (0.3.1)
      roar

GEM
  remote: http://rubygems.org/
  specs:
    Ascii85 (1.0.1)
    activesupport (3.2.8)
      i18n (~> 0.6)
      multi_json (~> 1.0)
    diff-lcs (1.2.4)
    faraday (0.8.7)
      multipart-post (~> 1.1)
    httparty (0.11.0)
      multi_json (~> 1.0)
      multi_xml (>= 0.5.2)
    i18n (0.6.1)
    json (1.7.7)
    mime-types (1.19)
    mini_portile (0.5.0)
    multi_json (1.7.7)
    multi_xml (0.5.3)
    multipart-post (1.2.0)
    nokogiri (1.6.0)
      mini_portile (~> 0.5.0)
    pdf-reader (1.1.1)
      Ascii85 (~> 1.0.0)
      ruby-rc4
    representable (1.5.3)
      multi_json
      nokogiri
    rest-client (1.6.7)
      mime-types (>= 1.16)
    roar (0.11.18)
      representable (>= 1.5.2)
    rspec (2.13.0)
      rspec-core (~> 2.13.0)
      rspec-expectations (~> 2.13.0)
      rspec-mocks (~> 2.13.0)
    rspec-core (2.13.1)
    rspec-expectations (2.13.0)
      diff-lcs (>= 1.1.3, < 2.0)
    rspec-mocks (2.13.1)
    ruby-rc4 (0.1.5)

PLATFORMS
  ruby

DEPENDENCIES
  activesupport
  billit_representers!
  faraday
  httparty
  json
  nokogiri
  pdf-reader
  rest-client
  roar
  rspec
